PATH
  remote: .
  specs:
    syncretizer (0.0.1)
      hana

GEM
  remote: https://rubygems.org/
  specs:
    hana (1.3.2)
    minitest (5.7.0)

PLATFORMS
  ruby

DEPENDENCIES
  minitest (= 5.7.0)
  syncretizer!

BUNDLED WITH
   1.13.6
